PATH
  remote: .
  specs:
    ip_notifier (0.1.0)

GEM
  remote: https://rubygems.org/
  specs:
    ethon (0.10.1)
      ffi (>= 1.3.0)
    ffi (1.9.18)
    mail (2.6.6)
      mime-types (>= 1.16, < 4)
    mime-types (3.1)
      mime-types-data (~> 3.2015)
    mime-types-data (3.2016.0521)
    rake (10.5.0)
    thor (0.20.0)
    typhoeus (1.3.0)
      ethon (>= 0.9.0)

PLATFORMS
  ruby

DEPENDENCIES
  bundler (~> 1.15)
  ip_notifier!
  mail
  rake (~> 10.0)
  thor
  typhoeus

BUNDLED WITH
   1.15.4
