GEM
  remote: https://rubygems.org/
  specs:
    dotenv (2.2.1)
    ethon (0.10.1)
      ffi (>= 1.3.0)
    ffi (1.9.18)
    mail (2.6.6)
      mime-types (>= 1.16, < 4)
    mime-types (3.1)
      mime-types-data (~> 3.2015)
    mime-types-data (3.2016.0521)
    typhoeus (1.3.0)
      ethon (>= 0.9.0)

PLATFORMS
  ruby

DEPENDENCIES
  dotenv
  mail
  typhoeus

BUNDLED WITH
   1.15.4
